GEM
  remote: https://rubygems.org/
  specs:
    awesome_print (1.0.2)
    diff-lcs (1.1.3)
    nokogiri (1.5.2)
    rspec (2.9.0)
      rspec-core (~> 2.9.0)
      rspec-expectations (~> 2.9.0)
      rspec-mocks (~> 2.9.0)
    rspec-core (2.9.0)
    rspec-expectations (2.9.1)
      diff-lcs (~> 1.1.3)
    rspec-mocks (2.9.0)

PLATFORMS
  ruby

DEPENDENCIES
  awesome_print (~> 1.0.2)
  nokogiri (~> 1.5.2)
  rspec (= 2.9.0)
