GEM
  remote: https://rubygems.org/
  specs:
    activesupport (3.2.3)
      i18n (~> 0.6)
      multi_json (~> 1.0)
    awesome_print (1.0.2)
    chronic (0.6.7)
    diff-lcs (1.1.3)
    fakeweb (1.3.0)
    i18n (0.6.0)
    multi_json (1.3.5)
    nokogiri (1.5.2)
    rspec (2.9.0)
      rspec-core (~> 2.9.0)
      rspec-expectations (~> 2.9.0)
      rspec-mocks (~> 2.9.0)
    rspec-core (2.9.0)
    rspec-expectations (2.9.1)
      diff-lcs (~> 1.1.3)
    rspec-mocks (2.9.0)

PLATFORMS
  ruby

DEPENDENCIES
  activesupport (~> 3.2.3)
  awesome_print (~> 1.0.2)
  chronic (~> 0.6.7)
  fakeweb (~> 1.3.0)
  nokogiri (~> 1.5.2)
  rspec (= 2.9.0)
